GEM
  remote: https://rubygems.org/
  specs:
    activesupport (6.1.7.3)
      concurrent-ruby (~> 1.0, >= 1.0.2)
      i18n (>= 1.6, < 2)
      minitest (>= 5.1)
      tzinfo (~> 2.0)
      zeitwerk (~> 2.3)
    addressable (2.8.1)
      public_suffix (>= 2.0.2, < 6.0)
    autoprefixer-rails (9.8.6.5)
      execjs
    backports (3.24.0)
    colorator (1.1.0)
    concurrent-ruby (1.2.2)
    contentful (2.16.3)
      http (> 0.8, < 5.0)
      multi_json (~> 1)
    cssminify2 (2.0.1)
    domain_name (0.5.20190701)
      unf (>= 0.0.5, < 1.0.0)
    em-websocket (0.5.3)
      eventmachine (>= 0.12.9)
      http_parser.rb (~> 0)
    eventmachine (1.2.7)
    execjs (2.8.1)
    faraday (2.7.4)
      faraday-net_http (>= 2.0, < 3.1)
      ruby2_keywords (>= 0.0.4)
    faraday-net_http (3.0.2)
    fastimage (1.8.1)
      addressable (~> 2.3, >= 2.3.5)
    ffi (1.15.5)
    ffi-compiler (1.0.1)
      ffi (>= 1.0.0)
      rake
    forwardable-extended (2.6.0)
    google-protobuf (3.22.2-x64-mingw-ucrt)
    hike (1.2.3)
    htmlcompressor (0.4.0)
    http (4.4.1)
      addressable (~> 2.3)
      http-cookie (~> 1.0)
      http-form_data (~> 2.2)
      http-parser (~> 1.2.0)
    http-cookie (1.0.5)
      domain_name (~> 0.5)
    http-form_data (2.3.0)
    http-parser (1.2.3)
      ffi-compiler (>= 1.0, < 2.0)
    http_parser.rb (0.8.0)
    i18n (1.12.0)
      concurrent-ruby (~> 1.0)
    jekyll (4.3.2)
      addressable (~> 2.4)
      colorator (~> 1.0)
      em-websocket (~> 0.5)
      i18n (~> 1.0)
      jekyll-sass-converter (>= 2.0, < 4.0)
      jekyll-watch (~> 2.0)
      kramdown (~> 2.3, >= 2.3.1)
      kramdown-parser-gfm (~> 1.0)
      liquid (~> 4.0)
      mercenary (>= 0.3.6, < 0.5)
      pathutil (~> 0.9)
      rouge (>= 3.0, < 5.0)
      safe_yaml (~> 1.0)
      terminal-table (>= 1.8, < 4.0)
      webrick (~> 1.7)
    jekyll-admin (0.11.1)
      jekyll (>= 3.7, < 5.0)
      sinatra (>= 1.4)
      sinatra-contrib (>= 1.4)
    jekyll-analytics (0.1.14)
    jekyll-assets (1.0.0)
      fastimage (~> 1.6)
      jekyll (>= 2)
      mini_magick (~> 4.1)
      sass (~> 3.2)
      sprockets (~> 2.10)
      sprockets-helpers
      sprockets-sass
    jekyll-auto-image (1.1.3)
      jekyll
    jekyll-autoprefixer (1.0.2)
      autoprefixer-rails (~> 9.3)
    jekyll-compose (0.12.0)
      jekyll (>= 3.7, < 5.0)
    jekyll-contentful-data-import (1.8.3)
      contentful (~> 2.1)
      jekyll (>= 2.5.0, < 5)
      rich_text_renderer (~> 0.3)
    jekyll-datapage-generator (1.4.0)
    jekyll-feed (0.17.0)
      jekyll (>= 3.7, < 5.0)
    jekyll-giphy (1.0.0)
    jekyll-github-metadata (2.15.0)
      jekyll (>= 3.4, < 5.0)
      octokit (~> 4.0, != 4.4.0)
    jekyll-glossary_tooltip (1.5.0)
      jekyll (>= 3.7, < 5.0)
    jekyll-import (0.21.0)
      jekyll (>= 3.7, < 5.0)
      nokogiri (~> 1.0)
      reverse_markdown (~> 1.0)
    jekyll-mermaid (1.0.0)
    jekyll-minibundle (3.0.0)
    jekyll-minifier (0.1.10)
      cssminify2 (~> 2.0)
      htmlcompressor (~> 0.4)
      jekyll (>= 3.5)
      json-minify (~> 0.0.3)
      uglifier (~> 4.1)
    jekyll-plantuml (1.3.4)
      jekyll (> 2.0)
    jekyll-redirect-from (0.16.0)
      jekyll (>= 3.3, < 5.0)
    jekyll-sass-converter (3.0.0)
      sass-embedded (~> 1.54)
    jekyll-seo-tag (2.8.0)
      jekyll (>= 3.8, < 5.0)
    jekyll-sitemap (1.4.0)
      jekyll (>= 3.7, < 5.0)
    jekyll-target-blank (2.0.0)
      jekyll (>= 3.0, < 5.0)
      nokogiri (~> 1.10)
    jekyll-watch (2.2.1)
      listen (~> 3.0)
    jekyll-workbox-plugin (0.0.2)
    jekyll_github_sample (0.3.2)
      activesupport (>= 4.0, < 7.0)
      jekyll (>= 3.0, < 5.0)
    jekyll_include_plugin (1.1.1)
      jekyll (>= 3.5, < 5.0)
      liquid (~> 4.0)
    json (2.6.3)
    json-minify (0.0.3)
      json (> 0)
    kramdown (2.4.0)
      rexml
    kramdown-parser-gfm (1.1.0)
      kramdown (~> 2.0)
    liquid (4.0.4)
    liquid-md5 (0.0.3)
      liquid (>= 2.5, < 5.0)
    listen (3.8.0)
      rb-fsevent (~> 0.10, >= 0.10.3)
      rb-inotify (~> 0.9, >= 0.9.10)
    mercenary (0.4.0)
    mini_magick (4.12.0)
    minitest (5.18.0)
    multi_json (1.15.0)
    nokogiri (1.14.2-x64-mingw-ucrt)
      racc (~> 1.4)
    octokit (4.25.1)
      faraday (>= 1, < 3)
      sawyer (~> 0.9)
    pathutil (0.16.2)
      forwardable-extended (~> 2.6)
    public_suffix (5.0.1)
    racc (1.6.2)
    rack (1.6.13)
    rack-protection (1.5.5)
      rack
    rack-test (2.1.0)
      rack (>= 1.3)
    rake (13.0.6)
    rb-fsevent (0.11.2)
    rb-inotify (0.10.1)
      ffi (~> 1.0)
    reverse_markdown (1.4.0)
      nokogiri
    rexml (3.2.5)
    rich_text_renderer (0.3.0)
    rouge (4.1.0)
    ruby2_keywords (0.0.5)
    safe_yaml (1.0.5)
    sass (3.7.4)
      sass-listen (~> 4.0.0)
    sass-embedded (1.59.3-x64-mingw-ucrt)
      google-protobuf (~> 3.21)
    sass-listen (4.0.0)
      rb-fsevent (~> 0.9, >= 0.9.4)
      rb-inotify (~> 0.9, >= 0.9.7)
    sawyer (0.9.2)
      addressable (>= 2.3.5)
      faraday (>= 0.17.3, < 3)
    sinatra (1.4.8)
      rack (~> 1.5)
      rack-protection (~> 1.4)
      tilt (>= 1.3, < 3)
    sinatra-contrib (1.4.7)
      backports (>= 2.0)
      multi_json
      rack-protection
      rack-test
      sinatra (~> 1.4.0)
      tilt (>= 1.3, < 3)
    sprockets (2.12.5)
      hike (~> 1.2)
      multi_json (~> 1.0)
      rack (~> 1.0)
      tilt (~> 1.1, != 1.3.0)
    sprockets-helpers (1.4.0)
      sprockets (>= 2.2)
    sprockets-sass (1.3.1)
      sprockets (~> 2.0)
      tilt (~> 1.1)
    terminal-table (3.0.2)
      unicode-display_width (>= 1.1.1, < 3)
    tilt (1.4.1)
    tzinfo (2.0.6)
      concurrent-ruby (~> 1.0)
    tzinfo-data (1.2022.7)
      tzinfo (>= 1.0.0)
    uglifier (4.2.0)
      execjs (>= 0.3.0, < 3)
    unf (0.1.4)
      unf_ext
    unf_ext (0.0.8.2)
    unicode-display_width (2.4.2)
    wdm (0.1.1)
    webrick (1.8.1)
    zeitwerk (2.6.7)

PLATFORMS
  x64-mingw-ucrt

DEPENDENCIES
  http_parser.rb (~> 0.6.0)
  jekyll (~> 4.3.2)
  jekyll-admin
  jekyll-analytics
  jekyll-assets
  jekyll-auto-image
  jekyll-autoprefixer
  jekyll-compose
  jekyll-contentful-data-import
  jekyll-datapage-generator
  jekyll-feed (~> 0.12)
  jekyll-giphy
  jekyll-github-metadata
  jekyll-glossary_tooltip
  jekyll-import
  jekyll-mermaid
  jekyll-minibundle
  jekyll-minifier
  jekyll-plantuml
  jekyll-redirect-from
  jekyll-sass-converter
  jekyll-seo-tag
  jekyll-sitemap
  jekyll-target-blank
  jekyll-workbox-plugin
  jekyll_github_sample
  jekyll_include_plugin
  liquid-md5
  tzinfo (>= 1, < 3)
  tzinfo-data
  wdm (~> 0.1.1)

BUNDLED WITH
   2.4.8
